GIT
  remote: git://github.com/MarkoPoloResearchLab/redis_reliable_queue.git
  revision: c80a08b4686b697c19bf06f1b08fc10fa0c1f1fd
  specs:
    redis_reliable_queue (0.0.5.3)
      redis (~> 3.2)

GIT
  remote: git://github.com/szarski/ascii_charts.git
  revision: 03f254cda5dcb51008860e5b1f175b57ebaa7b8f
  branch: improved_labels
  specs:
    ascii_charts (0.9.1)

GEM
  remote: https://rubygems.org/
  specs:
    CFPropertyList (2.2.8)
    activesupport (4.2.5)
      i18n (~> 0.7)
      json (~> 1.7, >= 1.7.7)
      minitest (~> 5.1)
      thread_safe (~> 0.3, >= 0.3.4)
      tzinfo (~> 1.1)
    ai4r (1.13)
    ast (2.2.0)
    astrolabe (1.3.1)
      parser (~> 2.2)
    byebug (8.2.1)
    coderay (1.1.0)
    diff-lcs (1.2.5)
    facter (2.4.4)
    ffi (1.9.10-java)
    hiredis (0.6.0)
    hiredis (0.6.0-java)
    i18n (0.7.0)
    json (1.8.3)
    json (1.8.3-java)
    method_source (0.8.2)
    minitest (5.8.3)
    parallel (1.6.1)
    parser (2.2.3.0)
      ast (>= 1.1, < 3.0)
    powerpack (0.1.1)
    pry (0.10.3)
      coderay (~> 1.1.0)
      method_source (~> 0.8.1)
      slop (~> 3.4)
    pry (0.10.3-java)
      coderay (~> 1.1.0)
      method_source (~> 0.8.1)
      slop (~> 3.4)
      spoon (~> 0.0)
    pry-byebug (3.3.0)
      byebug (~> 8.0)
      pry (~> 0.10)
    pry-doc (0.8.0)
      pry (~> 0.9)
      yard (~> 0.8)
    rainbow (2.0.0)
    redis (3.2.2)
    rspec (3.4.0)
      rspec-core (~> 3.4.0)
      rspec-expectations (~> 3.4.0)
      rspec-mocks (~> 3.4.0)
    rspec-core (3.4.1)
      rspec-support (~> 3.4.0)
    rspec-expectations (3.4.0)
      diff-lcs (>= 1.2.0, < 2.0)
      rspec-support (~> 3.4.0)
    rspec-mocks (3.4.0)
      diff-lcs (>= 1.2.0, < 2.0)
      rspec-support (~> 3.4.0)
    rspec-support (3.4.1)
    rubocop (0.35.1)
      astrolabe (~> 1.3)
      parser (>= 2.2.3.0, < 3.0)
      powerpack (~> 0.1)
      rainbow (>= 1.99.1, < 3.0)
      ruby-progressbar (~> 1.7)
      tins (<= 1.6.0)
    ruby-progressbar (1.7.5)
    slop (3.6.0)
    spoon (0.0.4)
      ffi
    terminal-table (1.5.2)
    thread_safe (0.3.5)
    thread_safe (0.3.5-java)
    tins (1.6.0)
    tzinfo (1.2.2)
      thread_safe (~> 0.1)
    yard (0.8.7.6)

PLATFORMS
  java
  ruby

DEPENDENCIES
  CFPropertyList
  activesupport
  ai4r
  ascii_charts!
  facter
  hiredis
  parallel
  pry-byebug
  pry-doc
  redis_reliable_queue!
  rspec
  rubocop
  terminal-table

BUNDLED WITH
   1.10.6
